GEM
  remote: https://rubygems.org/
  specs:
    barby (0.6.4)
    chunky_png (1.3.5)
    ffi (1.9.10)
    os (0.9.6)
    require_all (1.3.3)
    rqrcode (0.10.1)
      chunky_png (~> 1.0)
    rubyserial (0.3.0)
      ffi (~> 1.9, >= 1.9.3)

PLATFORMS
  ruby

DEPENDENCIES
  barby
  os
  require_all
  rqrcode
  rubyserial

RUBY VERSION
   ruby 2.2.4p230

BUNDLED WITH
   1.12.5
